GEM
  remote: https://rubygems.org/
  specs:
    id3tag (0.8.0)

PLATFORMS
  java

DEPENDENCIES
  id3tag

BUNDLED WITH
   1.12.5
